{
  "aor": 0.0006452964426877471,
  "aqi": 0.0030625175098814234,
  "bids_meta": {
    "AcquisitionNumber": 1,
    "AcquisitionTime": "15:37:13.962500",
    "BandwidthPerPixelPhaseEncode": 30.637,
    "ConversionSoftware": "dcm2niix",
    "ConversionSoftwareVersion": "v1.0.20170724 GCC4.4.7",
    "DeviceSerialNumber": "40720",
    "EchoTime": 0.05,
    "EffectiveEchoSpacing": 0.000510004,
    "FlipAngle": 90,
    "ImageType": [
      "ORIGINAL",
      "PRIMARY",
      "FMRI",
      "NONE",
      "ND",
      "MOSAIC"
    ],
    "InstitutionAddress": "Maraweg_21_Bielefeld_District_DE_33617",
    "InstitutionName": "EVKB_Mara_1",
    "MagneticFieldStrength": 3,
    "Manufacturer": "Siemens",
    "ManufacturersModelName": "Verio",
    "PhaseEncodingDirection": "j-",
    "PhaseEncodingLines": 64,
    "ProcedureStepDescription": "Mara_12CH_fMRT",
    "ProtocolName": "ep2d_bold_moco_5mm_Seminar",
    "RepetitionTime": 3,
    "ScanningSequence": "EP",
    "SequenceName": "_epfid2d1_64",
    "SequenceVariant": "SK",
    "SeriesDescription": "ep2d_bold_moco_5mm_Seminar",
    "SliceTiming": [
      0.85,
      1.7025,
      0.765,
      1.6175,
      0.68,
      1.5325,
      0.595,
      1.4475,
      0.51,
      1.3625,
      0.425,
      1.275,
      0.34,
      1.19,
      0.255,
      1.105,
      0.17,
      1.02,
      0.085,
      0.935,
      0
    ],
    "SoftwareVersions": "syngo_MR_B19",
    "TaskName": "imagery",
    "TotalReadoutTime": 0.0321303,
    "dataset": "ds001419",
    "modality": "bold",
    "run_id": 2,
    "subject_id": "01",
    "task_id": "imagery"
  },
  "dummy_trs": 0,
  "dvars_nstd": 21.459607086507933,
  "dvars_std": 1.0949183803174607,
  "dvars_vstd": 0.9760497214682544,
  "efc": 0.600245328076472,
  "fber": 583.3290405273438,
  "fd_mean": 0.17370065119672845,
  "fd_num": 68,
  "fd_perc": 26.877470355731226,
  "fwhm_avg": 1.9563295555555555,
  "fwhm_x": 2.0372533333333336,
  "fwhm_y": 2.2261633333333335,
  "fwhm_z": 1.605572,
  "gcor": 0.0292978,
  "gsr_x": -0.02258969657123089,
  "gsr_y": 0.05138299986720085,
  "provenance": {
    "md5sum": "d4552ed1a87cd3719c0d0a15ffeaa835",
    "settings": {
      "fd_thres": 0.2,
      "testing": false
    },
    "software": "mriqc",
    "version": "22.0.1",
    "webapi_port": null,
    "webapi_url": "https://mriqc.nimh.nih.gov/api/v1"
  },
  "size_t": 253,
  "size_x": 64,
  "size_y": 64,
  "size_z": 21,
  "snr": 3.6188422568349097,
  "spacing_tr": 3.0,
  "spacing_x": 3.0,
  "spacing_y": 3.0,
  "spacing_z": 5.0,
  "summary_bg_k": 90.5755282674694,
  "summary_bg_mad": 10.284455689228599,
  "summary_bg_mean": 45.884456634521484,
  "summary_bg_median": 27.49011993408203,
  "summary_bg_n": 39366.0,
  "summary_bg_p05": 19.881423950195312,
  "summary_bg_p95": 126.26482582092285,
  "summary_bg_stdv": 58.65109634399414,
  "summary_fg_k": 1.7226437143847022,
  "summary_fg_mad": 173.7545732561057,
  "summary_fg_mean": 739.2893676757812,
  "summary_fg_median": 711.764892578125,
  "summary_fg_n": 21156.0,
  "summary_fg_p05": 481.8517837524414,
  "summary_fg_p95": 1102.4763793945312,
  "summary_fg_stdv": 196.6783905029297,
  "tsnr": 66.19922736135777
}