{
  "aor": 0.0010106349206349206,
  "aqi": 0.0024601791666666664,
  "bids_meta": {
    "AcquisitionNumber": 1,
    "AcquisitionTime": "15:21:11.237500",
    "BandwidthPerPixelPhaseEncode": 30.637,
    "ConversionSoftware": "dcm2niix",
    "ConversionSoftwareVersion": "v1.0.20170724 GCC4.4.7",
    "DeviceSerialNumber": "40720",
    "EchoTime": 0.05,
    "EffectiveEchoSpacing": 0.000510004,
    "FlipAngle": 90,
    "ImageType": [
      "ORIGINAL",
      "PRIMARY",
      "FMRI",
      "NONE",
      "ND",
      "MOSAIC"
    ],
    "InstitutionAddress": "Maraweg_21_Bielefeld_District_DE_33617",
    "InstitutionName": "EVKB_Mara_1",
    "MagneticFieldStrength": 3,
    "Manufacturer": "Siemens",
    "ManufacturersModelName": "Verio",
    "PhaseEncodingDirection": "j-",
    "PhaseEncodingLines": 64,
    "ProcedureStepDescription": "Mara_12CH_fMRT",
    "ProtocolName": "ep2d_bold_moco_5mm_Seminar",
    "RepetitionTime": 3,
    "ScanningSequence": "EP",
    "SequenceName": "_epfid2d1_64",
    "SequenceVariant": "SK",
    "SeriesDescription": "ep2d_bold_moco_5mm_Seminar",
    "SliceTiming": [
      0.85,
      1.7025,
      0.765,
      1.6175,
      0.68,
      1.5325,
      0.595,
      1.4475,
      0.51,
      1.3625,
      0.425,
      1.275,
      0.34,
      1.19,
      0.255,
      1.105,
      0.17,
      1.02,
      0.085,
      0.935,
      0
    ],
    "SoftwareVersions": "syngo_MR_B19",
    "TaskName": "imagery",
    "TotalReadoutTime": 0.0321303,
    "dataset": "ds001419",
    "modality": "bold",
    "run_id": 1,
    "subject_id": "01",
    "task_id": "imagery"
  },
  "dummy_trs": 1,
  "dvars_nstd": 20.3118016521514,
  "dvars_std": 1.1307080987649398,
  "dvars_vstd": 0.9960927757768919,
  "efc": 0.5996433993847697,
  "fber": 583.6949462890625,
  "fd_mean": 0.08692614162477166,
  "fd_num": 14,
  "fd_perc": 5.555555555555555,
  "fwhm_avg": 1.9434031111111112,
  "fwhm_x": 2.0157366666666667,
  "fwhm_y": 2.2213966666666667,
  "fwhm_z": 1.593076,
  "gcor": 0.0252,
  "gsr_x": -0.02357107400894165,
  "gsr_y": 0.050424974411726,
  "provenance": {
    "md5sum": "7ae5e20d162abe2ed7fb9c4311d42941",
    "settings": {
      "fd_thres": 0.2,
      "testing": false
    },
    "software": "mriqc",
    "version": "22.0.1",
    "webapi_port": null,
    "webapi_url": "https://mriqc.nimh.nih.gov/api/v1"
  },
  "size_t": 252,
  "size_x": 64,
  "size_y": 64,
  "size_z": 21,
  "snr": 3.5693680807303085,
  "spacing_tr": 3.0,
  "spacing_x": 3.0,
  "spacing_y": 3.0,
  "spacing_z": 5.0,
  "summary_bg_k": 86.54493442890306,
  "summary_bg_mad": 10.542948480964434,
  "summary_bg_mean": 46.90109634399414,
  "summary_bg_median": 27.65873146057129,
  "summary_bg_n": 39515.0,
  "summary_bg_p05": 19.88492202758789,
  "summary_bg_p95": 132.17738800048812,
  "summary_bg_stdv": 60.74755096435547,
  "summary_fg_k": 1.8411873539330195,
  "summary_fg_mad": 176.61788498693784,
  "summary_fg_mean": 744.9609375,
  "summary_fg_median": 715.6865234375,
  "summary_fg_n": 21113.0,
  "summary_fg_p05": 484.7389221191406,
  "summary_fg_p95": 1120.9722900390625,
  "summary_fg_stdv": 200.50315856933594,
  "tsnr": 72.97180857136846
}