{
  "aor": 0.0008119367588932805,
  "aqi": 0.0025105018181818184,
  "bids_meta": {
    "AcquisitionNumber": 1,
    "AcquisitionTime": "15:50:25.307500",
    "BandwidthPerPixelPhaseEncode": 30.637,
    "ConversionSoftware": "dcm2niix",
    "ConversionSoftwareVersion": "v1.0.20170724 GCC4.4.7",
    "DeviceSerialNumber": "40720",
    "EchoTime": 0.05,
    "EffectiveEchoSpacing": 0.000510004,
    "FlipAngle": 90,
    "ImageType": [
      "ORIGINAL",
      "PRIMARY",
      "FMRI",
      "NONE",
      "ND",
      "MOSAIC"
    ],
    "InstitutionAddress": "Maraweg_21_Bielefeld_District_DE_33617",
    "InstitutionName": "EVKB_Mara_1",
    "MagneticFieldStrength": 3,
    "Manufacturer": "Siemens",
    "ManufacturersModelName": "Verio",
    "PhaseEncodingDirection": "j-",
    "PhaseEncodingLines": 64,
    "ProcedureStepDescription": "Mara_12CH_fMRT",
    "ProtocolName": "ep2d_bold_moco_5mm_Seminar",
    "RepetitionTime": 3,
    "ScanningSequence": "EP",
    "SequenceName": "_epfid2d1_64",
    "SequenceVariant": "SK",
    "SeriesDescription": "ep2d_bold_moco_5mm_Seminar",
    "SliceTiming": [
      0.85,
      1.7025,
      0.765,
      1.6175,
      0.68,
      1.5325,
      0.595,
      1.4475,
      0.51,
      1.3625,
      0.425,
      1.2775,
      0.34,
      1.1925,
      0.255,
      1.105,
      0.17,
      1.02,
      0.085,
      0.935,
      0
    ],
    "SoftwareVersions": "syngo_MR_B19",
    "TaskName": "imagery",
    "TotalReadoutTime": 0.0321303,
    "dataset": "ds001419",
    "modality": "bold",
    "run_id": 3,
    "subject_id": "01",
    "task_id": "imagery"
  },
  "dummy_trs": 0,
  "dvars_nstd": 21.514415619603174,
  "dvars_std": 1.129053805515873,
  "dvars_vstd": 0.9991969067857143,
  "efc": 0.6003655892677365,
  "fber": 583.7787475585938,
  "fd_mean": 0.1789015198690274,
  "fd_num": 69,
  "fd_perc": 27.272727272727273,
  "fwhm_avg": 1.9435413333333331,
  "fwhm_x": 2.017253333333333,
  "fwhm_y": 2.2220166666666668,
  "fwhm_z": 1.591354,
  "gcor": 0.0215844,
  "gsr_x": -0.022641176357865334,
  "gsr_y": 0.0507543571293354,
  "provenance": {
    "md5sum": "24303f72c3a9804eb5eafefd3b1bb14c",
    "settings": {
      "fd_thres": 0.2,
      "testing": false
    },
    "software": "mriqc",
    "version": "22.0.1",
    "webapi_port": null,
    "webapi_url": "https://mriqc.nimh.nih.gov/api/v1"
  },
  "size_t": 253,
  "size_x": 64,
  "size_y": 64,
  "size_z": 21,
  "snr": 3.627368410724818,
  "spacing_tr": 3.0,
  "spacing_x": 3.0,
  "spacing_y": 3.0,
  "spacing_z": 5.0,
  "summary_bg_k": 88.8175678990317,
  "summary_bg_mad": 10.219992264215907,
  "summary_bg_mean": 45.942569732666016,
  "summary_bg_median": 27.3952579498291,
  "summary_bg_n": 39376.0,
  "summary_bg_p05": 19.869565963745117,
  "summary_bg_p95": 126.92984390258789,
  "summary_bg_stdv": 59.06007385253906,
  "summary_fg_k": 1.8088389050958158,
  "summary_fg_mad": 172.94884265591196,
  "summary_fg_mean": 737.0630493164062,
  "summary_fg_median": 709.4071655273438,
  "summary_fg_n": 21167.0,
  "summary_fg_p05": 482.88381042480466,
  "summary_fg_p95": 1097.7878051757814,
  "summary_fg_stdv": 195.56613159179688,
  "tsnr": 71.84154493105598
}