{
  "aor": 0.009416521739130435,
  "aqi": 0.001558406956521739,
  "bids_meta": {
    "AcquisitionNumber": 1,
    "AcquisitionTime": "15:19:1.265000",
    "BandwidthPerPixelPhaseEncode": 30.637,
    "ConversionSoftware": "dcm2niix",
    "ConversionSoftwareVersion": "v1.0.20170724 GCC4.4.7",
    "DeviceSerialNumber": "40720",
    "EchoTime": 0.05,
    "EffectiveEchoSpacing": 0.000510004,
    "FlipAngle": 90,
    "ImageType": [
      "ORIGINAL",
      "PRIMARY",
      "FMRI",
      "NONE",
      "ND",
      "MOSAIC"
    ],
    "InstitutionAddress": "Maraweg_21_Bielefeld_District_DE_33617",
    "InstitutionName": "EVKB_Mara_1",
    "MagneticFieldStrength": 3,
    "Manufacturer": "Siemens",
    "ManufacturersModelName": "Verio",
    "PhaseEncodingDirection": "j-",
    "PhaseEncodingLines": 64,
    "ProcedureStepDescription": "Mara_12CH_fMRT",
    "ProtocolName": "ep2d_bold_moco_5mm_Training",
    "RepetitionTime": 3,
    "ScanningSequence": "EP",
    "SequenceName": "_epfid2d1_64",
    "SequenceVariant": "SK",
    "SeriesDescription": "ep2d_bold_moco_5mm_Training",
    "SliceTiming": [
      0.85,
      1.7025,
      0.765,
      1.6175,
      0.68,
      1.5325,
      0.595,
      1.4475,
      0.51,
      1.3625,
      0.425,
      1.2775,
      0.34,
      1.1925,
      0.255,
      1.105,
      0.17,
      1.02,
      0.085,
      0.935,
      0
    ],
    "SoftwareVersions": "syngo_MR_B19",
    "TaskName": "imagery",
    "TotalReadoutTime": 0.0321303,
    "dataset": "ds001419",
    "modality": "bold",
    "run_id": 0,
    "subject_id": "01",
    "task_id": "imagery"
  },
  "dummy_trs": 0,
  "dvars_nstd": 21.52322196909091,
  "dvars_std": 1.1840375604545454,
  "dvars_vstd": 1.0923052313636363,
  "efc": 0.5991700106017325,
  "fber": 586.8214111328125,
  "fd_mean": 0.15157359778322935,
  "fd_num": 8,
  "fd_perc": 34.78260869565217,
  "fwhm_avg": 1.9419417777777779,
  "fwhm_x": 2.00429,
  "fwhm_y": 2.2220233333333335,
  "fwhm_z": 1.599512,
  "gcor": 0.0277831,
  "gsr_x": -0.023552319034934044,
  "gsr_y": 0.05036655068397522,
  "provenance": {
    "md5sum": "c253b7463959366bca784e75e5b09a8e",
    "settings": {
      "fd_thres": 0.2,
      "testing": false
    },
    "software": "mriqc",
    "version": "22.0.1",
    "webapi_port": null,
    "webapi_url": "https://mriqc.nimh.nih.gov/api/v1"
  },
  "size_t": 23,
  "size_x": 64,
  "size_y": 64,
  "size_z": 21,
  "snr": 3.571740435544639,
  "spacing_tr": 3.0,
  "spacing_x": 3.0,
  "spacing_y": 3.0,
  "spacing_z": 5.0,
  "summary_bg_k": 88.51397294368982,
  "summary_bg_mad": 10.507136723885967,
  "summary_bg_mean": 46.80569076538086,
  "summary_bg_median": 27.60869598388672,
  "summary_bg_n": 39513.0,
  "summary_bg_p05": 19.65217399597168,
  "summary_bg_p95": 132.3217407226563,
  "summary_bg_stdv": 60.78045654296875,
  "summary_fg_k": 1.8570408831002405,
  "summary_fg_mad": 175.9139566020651,
  "summary_fg_mean": 747.2978515625,
  "summary_fg_median": 717.2174072265625,
  "summary_fg_n": 21113.0,
  "summary_fg_p05": 486.4174011230469,
  "summary_fg_p95": 1122.3130615234368,
  "summary_fg_stdv": 200.798583984375,
  "tsnr": 90.36368672922254
}