{
  "aor": 0.0007474556213017751,
  "aqi": 0.0023282727218934913,
  "bids_meta": {
    "AcquisitionNumber": 1,
    "AcquisitionTime": "16:33:16.292500",
    "BandwidthPerPixelPhaseEncode": 18.116,
    "ConversionSoftware": "dcm2niix",
    "ConversionSoftwareVersion": "v1.0.20170724 GCC4.4.7",
    "DeviceSerialNumber": "40720",
    "EchoTime": 0.033,
    "EffectiveEchoSpacing": 0.000689998,
    "FlipAngle": 90,
    "ImageType": [
      "ORIGINAL",
      "PRIMARY",
      "FMRI",
      "NONE",
      "ND",
      "MOSAIC"
    ],
    "InstitutionAddress": "Maraweg_21_Bielefeld_District_DE_33617",
    "InstitutionName": "EVKB_Mara_1",
    "Instruction": "Lie still and keep your eyes open",
    "MagneticFieldStrength": 3,
    "Manufacturer": "Siemens",
    "ManufacturersModelName": "Verio",
    "PhaseEncodingDirection": "j-",
    "PhaseEncodingLines": 80,
    "ProcedureStepDescription": "Mara_32CH_Konrt.",
    "ProtocolName": "ep2d_bold_moco_kissler_4mm_hohe_matrix_kurzeTE_(pace)",
    "RepetitionTime": 3,
    "ScanningSequence": "EP",
    "SequenceName": "_epfid2d1_80",
    "SequenceVariant": "SK",
    "SeriesDescription": "ep2d_bold_moco_kissler_4mm_hohe_matrix_kurzeTE_(pace)",
    "SliceTiming": [
      1.4525,
      2.905,
      1.3675,
      2.82,
      1.2825,
      2.735,
      1.1975,
      2.65,
      1.11,
      2.565,
      1.025,
      2.4775,
      0.94,
      2.3925,
      0.855,
      2.3075,
      0.77,
      2.2225,
      0.685,
      2.1375,
      0.5975,
      2.0525,
      0.5125,
      1.965,
      0.4275,
      1.88,
      0.3425,
      1.795,
      0.2575,
      1.71,
      0.17,
      1.625,
      0.085,
      1.5375,
      0
    ],
    "SoftwareVersions": "syngo_MR_B19",
    "TaskName": "rest",
    "TotalReadoutTime": 0.0545098,
    "dataset": "ds001419",
    "modality": "bold",
    "subject_id": "01",
    "task_id": "rest"
  },
  "dummy_trs": 1,
  "dvars_nstd": 24.271342572678574,
  "dvars_std": 1.2594958166666672,
  "dvars_vstd": 0.9908734214285714,
  "efc": 0.5979565253710435,
  "fber": 370.3670349121094,
  "fd_mean": 0.15044625090403893,
  "fd_num": 37,
  "fd_perc": 21.893491124260354,
  "fwhm_avg": 2.8524965850689044,
  "fwhm_x": 2.875524885736907,
  "fwhm_y": 3.2848998694698066,
  "fwhm_z": 2.397065,
  "gcor": 0.0208338,
  "gsr_x": -0.012244530953466892,
  "gsr_y": 0.10232727229595184,
  "provenance": {
    "md5sum": "94c21fe0c250055002e2c5b75ed7cb0d",
    "settings": {
      "fd_thres": 0.2,
      "testing": false
    },
    "software": "mriqc",
    "version": "22.0.1",
    "webapi_port": null,
    "webapi_url": "https://mriqc.nimh.nih.gov/api/v1"
  },
  "size_t": 169,
  "size_x": 80,
  "size_y": 80,
  "size_z": 35,
  "snr": 2.5754454239128166,
  "spacing_tr": 3.0,
  "spacing_x": 2.4000000953674316,
  "spacing_y": 2.4000000953674316,
  "spacing_z": 4.0,
  "summary_bg_k": 16.516432809696628,
  "summary_bg_mad": 11.018633471248245,
  "summary_bg_mean": 73.8817367553711,
  "summary_bg_median": 33.97633361816406,
  "summary_bg_n": 120399.0,
  "summary_bg_p05": 26.15976333618164,
  "summary_bg_p95": 272.2668579101562,
  "summary_bg_stdv": 95.19625091552734,
  "summary_fg_k": 3.0348133433013302,
  "summary_fg_mad": 215.48615177820102,
  "summary_fg_mean": 733.402099609375,
  "summary_fg_median": 680.9822387695312,
  "summary_fg_n": 53647.0,
  "summary_fg_p05": 408.3023712158203,
  "summary_fg_p95": 1241.2787109375,
  "summary_fg_stdv": 264.4109191894531,
  "tsnr": 80.45498465746641
}