{
  "bids_meta": {
    "AccelFactPE": 2,
    "AcquisitionNumber": 1,
    "AcquisitionTime": "16:42:12.032500",
    "ConversionSoftware": "dcm2niix",
    "ConversionSoftwareVersion": "v1.0.20170724 GCC4.4.7",
    "DeviceSerialNumber": "40720",
    "EchoTime": 0.0025,
    "FlipAngle": 9,
    "ImageType": [
      "ORIGINAL",
      "PRIMARY",
      "M",
      "ND",
      "NORM"
    ],
    "InstitutionAddress": "Maraweg_21_Bielefeld_District_DE_33617",
    "InstitutionName": "EVKB_Mara_1",
    "InversionTime": 0.9,
    "MagneticFieldStrength": 3,
    "Manufacturer": "Siemens",
    "ManufacturersModelName": "Verio",
    "PhaseEncodingDirection": "i-",
    "PhaseEncodingLines": 320,
    "ProcedureStepDescription": "Mara_32CH_Konrt.",
    "ProtocolName": "t1_mpr_sag_p2_iso0_9_320_:-)",
    "RepetitionTime": 1.9,
    "ScanningSequence": "GR_IR",
    "SequenceName": "_tfl3d1_ns",
    "SequenceVariant": "SP_MP_OSP",
    "SeriesDescription": "t1_mpr_sag_p2_iso0_9_320_:-)",
    "SoftwareVersions": "syngo_MR_B19",
    "dataset": "ds001419",
    "modality": "T1w",
    "subject_id": "01"
  },
  "cjv": 0.3693195471537296,
  "cnr": 3.6205132501568027,
  "efc": 0.6410078832463348,
  "fber": 37344.52352873165,
  "fwhm_avg": 4.605422221798033,
  "fwhm_x": 4.331053332060766,
  "fwhm_y": 4.738813333333334,
  "fwhm_z": 4.7464,
  "icvs_csf": 0.204491980939646,
  "icvs_gm": 0.4245441134296839,
  "icvs_wm": 0.3709639056306701,
  "inu_med": 0.4175489544868469,
  "inu_range": 0.15965948700904847,
  "provenance": {
    "md5sum": "264f1ceb701e212b6c3b66c02ae4edd2",
    "settings": {
      "testing": false
    },
    "software": "mriqc",
    "version": "22.0.1",
    "warnings": {
      "large_rot_frame": true,
      "small_air_mask": false
    },
    "webapi_port": null,
    "webapi_url": "https://mriqc.nimh.nih.gov/api/v1"
  },
  "qi_1": 0.0,
  "qi_2": 0.023646332525927478,
  "rpve_csf": 17.245895661747657,
  "rpve_gm": 8.68836684948751,
  "rpve_wm": 11.20434185582626,
  "size_x": 192,
  "size_y": 320,
  "size_z": 320,
  "snr_csf": 3.468727078062368,
  "snr_gm": 16.285771776167582,
  "snr_total": 14.765086216159993,
  "snr_wm": 24.54075979425003,
  "snrd_csf": 50.064292378042246,
  "snrd_gm": 117.1613701208666,
  "snrd_total": 106.26576375159145,
  "snrd_wm": 151.57162875586548,
  "spacing_x": 0.7999947667121887,
  "spacing_y": 0.75,
  "spacing_z": 0.75,
  "summary_bg_k": 10.46770883620651,
  "summary_bg_mad": 0.0,
  "summary_bg_mean": 2.1996500764033184,
  "summary_bg_median": 0.0,
  "summary_bg_n": 3698050.0,
  "summary_bg_p05": 0.0,
  "summary_bg_p95": 9.826639600098133,
  "summary_bg_stdv": 4.322660230336305,
  "summary_csf_k": 2.9336348862474644,
  "summary_csf_mad": 66.22850033229028,
  "summary_csf_mean": 340.54167882332234,
  "summary_csf_median": 330.3295704871416,
  "summary_csf_n": 184775.0,
  "summary_csf_p05": 212.8261328585446,
  "summary_csf_p95": 513.6457467824221,
  "summary_csf_stdv": 95.23051804948923,
  "summary_gm_k": 0.47036547785266913,
  "summary_gm_mad": 44.66129417220728,
  "summary_gm_mean": 772.254590717432,
  "summary_gm_median": 773.0432855710387,
  "summary_gm_n": 154217.0,
  "summary_gm_p05": 692.928280621767,
  "summary_gm_p95": 849.1675591543317,
  "summary_gm_stdv": 47.46724870288993,
  "summary_wm_k": 0.35445886032832696,
  "summary_wm_mad": 39.18996753572604,
  "summary_wm_mean": 1001.3888062517185,
  "summary_wm_median": 1000.085862532258,
  "summary_wm_n": 639185.0,
  "summary_wm_p05": 936.87782702595,
  "summary_wm_p95": 1070.674605511129,
  "summary_wm_stdv": 40.752001511092885,
  "tpm_overlap_csf": 0.16274569382464574,
  "tpm_overlap_gm": 0.4400120814445191,
  "tpm_overlap_wm": 0.48877678724204576,
  "wm2max": 0.44890883525627445
}